GEM
  remote: http://rubygems.org/
  specs:
    byebug (9.0.6)
    diff-lcs (1.1.3)
    mime-types (1.19)
    rest-client (1.6.7)
      mime-types (>= 1.16)
    rspec (2.11.0)
      rspec-core (~> 2.11.0)
      rspec-expectations (~> 2.11.0)
      rspec-mocks (~> 2.11.0)
    rspec-core (2.11.1)
    rspec-expectations (2.11.2)
      diff-lcs (~> 1.1.3)
    rspec-mocks (2.11.1)

PLATFORMS
  java
  ruby

DEPENDENCIES
  byebug
  rest-client
  rspec

BUNDLED WITH
   1.12.5
